PATH
  remote: .
  specs:
    mia (0.1.0)

GEM
  remote: https://rubygems.org/
  specs:
    minitest (5.18.0)
    rake (13.0.6)

PLATFORMS
  x86_64-darwin-22

DEPENDENCIES
  mia!
  minitest (~> 5.0)
  rake (~> 13.0)

BUNDLED WITH
   2.4.3
